PATH
  remote: .
  specs:
    cony (2.2.5)
      activesupport (>= 4)
      bunny (~> 2.6)

GEM
  remote: https://rubygems.org/
  specs:
    activemodel (5.1.4)
      activesupport (= 5.1.4)
    activerecord (5.1.4)
      activemodel (= 5.1.4)
      activesupport (= 5.1.4)
      arel (~> 8.0)
    activesupport (5.1.4)
      concurrent-ruby (~> 1.0, >= 1.0.2)
      i18n (~> 0.7)
      minitest (~> 5.1)
      tzinfo (~> 1.1)
    amq-protocol (2.3.2)
    arel (8.0.0)
    bunny (2.15.0)
      amq-protocol (~> 2.3, >= 2.3.1)
    concurrent-ruby (1.1.6)
    diff-lcs (1.2.5)
    i18n (0.9.5)
      concurrent-ruby (~> 1.0)
    minitest (5.14.1)
    rake (11.3.0)
    rspec (3.5.0)
      rspec-core (~> 3.5.0)
      rspec-expectations (~> 3.5.0)
      rspec-mocks (~> 3.5.0)
    rspec-core (3.5.4)
      rspec-support (~> 3.5.0)
    rspec-expectations (3.5.0)
      diff-lcs (>= 1.2.0, < 2.0)
      rspec-support (~> 3.5.0)
    rspec-mocks (3.5.0)
      diff-lcs (>= 1.2.0, < 2.0)
      rspec-support (~> 3.5.0)
    rspec-support (3.5.0)
    sqlite3 (1.3.13)
    thread_safe (0.3.6)
    tzinfo (1.2.7)
      thread_safe (~> 0.1)

PLATFORMS
  ruby

DEPENDENCIES
  activerecord (>= 4)
  cony!
  rake (>= 11.0)
  rspec (~> 3.0)
  sqlite3

BUNDLED WITH
   1.17.3
